PATH
  remote: .
  specs:
    docusign_api (0.1.2)
      curb (~> 0.9)

GEM
  remote: https://rubygems.org/
  specs:
    addressable (2.4.0)
    crack (0.4.3)
      safe_yaml (~> 1.0.0)
    curb (0.9.10)
    hashdiff (0.3.0)
    metaclass (0.0.4)
    minitest (5.8.4)
    mocha (1.1.0)
      metaclass (~> 0.0.1)
    safe_yaml (1.0.4)
    webmock (1.22.3)
      addressable (>= 2.3.6)
      crack (>= 0.3.2)
      hashdiff

PLATFORMS
  ruby

DEPENDENCIES
  docusign_api!
  minitest (~> 5.8)
  mocha (~> 1.1)
  webmock (= 1.22.3)

BUNDLED WITH
   1.17.3
